GEM
  remote: https://rubygems.org/
  specs:
    activemodel (6.1.4.1)
      activesupport (= 6.1.4.1)
    activesupport (6.1.4.1)
      concurrent-ruby (~> 1.0, >= 1.0.2)
      i18n (>= 1.6, < 2)
      minitest (>= 5.1)
      tzinfo (~> 2.0)
      zeitwerk (~> 2.3)
    addressable (2.8.0)
      public_suffix (>= 2.0.2, < 5.0)
    aes_key_wrap (1.1.0)
    attr_required (1.0.1)
    aws-eventstream (1.2.0)
    aws-partitions (1.505.0)
    aws-sdk-cloudwatchlogs (1.45.0)
      aws-sdk-core (~> 3, >= 3.120.0)
      aws-sigv4 (~> 1.1)
    aws-sdk-core (3.121.0)
      aws-eventstream (~> 1, >= 1.0.2)
      aws-partitions (~> 1, >= 1.239.0)
      aws-sigv4 (~> 1.1)
      jmespath (~> 1.0)
    aws-sigv4 (1.4.0)
      aws-eventstream (~> 1, >= 1.0.2)
    bigdecimal (3.0.2)
    bindata (2.4.10)
    concurrent-ruby (1.1.9)
    connection_pool (2.2.5)
    cool.io (1.7.1)
    digest-crc (0.6.4)
      rake (>= 12.0.0, < 14.0.0)
    domain_name (0.5.20190701)
      unf (>= 0.0.5, < 1.0.0)
    elasticsearch (7.15.0)
      elasticsearch-api (= 7.15.0)
      elasticsearch-transport (= 7.15.0)
    elasticsearch-api (7.15.0)
      multi_json
    elasticsearch-transport (7.15.0)
      faraday (~> 1)
      multi_json
    ethon (0.12.0)
      ffi (>= 1.3.0)
    excon (0.85.0)
    faraday (1.8.0)
      faraday-em_http (~> 1.0)
      faraday-em_synchrony (~> 1.0)
      faraday-excon (~> 1.1)
      faraday-httpclient (~> 1.0.1)
      faraday-net_http (~> 1.0)
      faraday-net_http_persistent (~> 1.1)
      faraday-patron (~> 1.0)
      faraday-rack (~> 1.0)
      multipart-post (>= 1.2, < 3)
      ruby2_keywords (>= 0.0.4)
    faraday-em_http (1.0.0)
    faraday-em_synchrony (1.0.0)
    faraday-excon (1.1.0)
    faraday-httpclient (1.0.1)
    faraday-net_http (1.0.1)
    faraday-net_http_persistent (1.2.0)
    faraday-patron (1.0.0)
    faraday-rack (1.0.0)
    ffi (1.11.3)
    ffi-compiler (1.0.1)
      ffi (>= 1.0.0)
      rake
    fluent-config-regexp-type (1.0.0)
      fluentd (> 1.0.0, < 2)
    fluent-mixin-config-placeholders (0.4.0)
      fluentd
      uuidtools (>= 2.1.5)
    fluent-plugin-cloudwatch-logs (0.14.2)
      aws-sdk-cloudwatchlogs (~> 1.0)
      fluentd (>= 1.8.0)
    fluent-plugin-concat (2.5.0)
      fluentd (>= 0.14.0, < 2)
    fluent-plugin-elasticsearch (5.1.0)
      elasticsearch
      excon
      fluentd (>= 0.14.22)
    fluent-plugin-grafana-loki (1.2.16)
      fluentd (>= 1.9.3, < 2)
    fluent-plugin-kafka (0.17.1)
      fluentd (>= 0.10.58, < 2)
      ltsv
      ruby-kafka (>= 1.4.0, < 2)
    fluent-plugin-kubernetes_metadata_filter (2.9.0)
      fluentd (>= 0.14.0, < 1.15)
      kubeclient (>= 4.0.0, < 5.0.0)
      lru_redux
    fluent-plugin-label-router (0.2.10)
      fluentd (>= 0.14.10, < 2)
      prometheus-client (>= 2.1.0)
    fluent-plugin-multi-format-parser (1.0.0)
      fluentd (>= 0.14.0, < 2)
    fluent-plugin-prometheus (2.0.2)
      fluentd (>= 1.9.1, < 2)
      prometheus-client (>= 2.1.0)
    fluent-plugin-record-modifier (2.1.0)
      fluentd (>= 1.0, < 2)
    fluent-plugin-remote-syslog (1.1)
      fluent-mixin-config-placeholders
      fluentd
      syslog_protocol
    fluent-plugin-rewrite-tag-filter (2.4.0)
      fluent-config-regexp-type
      fluentd (>= 0.14.2, < 2)
    fluent-plugin-splunk-hec (1.2.7)
      fluentd (>= 1.4)
      multi_json (~> 1.13)
      net-http-persistent (~> 3.1)
      openid_connect (~> 1.1.8)
      prometheus-client (>= 2.1.0)
    fluent-plugin-systemd (1.0.5)
      fluentd (>= 0.14.11, < 2)
      systemd-journal (~> 1.4.2)
    fluentd (1.14.0)
      bundler
      cool.io (>= 1.4.5, < 2.0.0)
      http_parser.rb (>= 0.5.1, < 0.8.0)
      msgpack (>= 1.3.1, < 2.0.0)
      serverengine (>= 2.2.2, < 3.0.0)
      sigdump (~> 0.2.2)
      strptime (>= 0.2.2, < 1.0.0)
      tzinfo (>= 1.0, < 3.0)
      tzinfo-data (~> 1.0)
      webrick (>= 1.4.2, < 1.8.0)
      yajl-ruby (~> 1.0)
    http (4.4.1)
      addressable (~> 2.3)
      http-cookie (~> 1.0)
      http-form_data (~> 2.2)
      http-parser (~> 1.2.0)
    http-accept (1.7.0)
    http-cookie (1.0.4)
      domain_name (~> 0.5)
    http-form_data (2.3.0)
    http-parser (1.2.3)
      ffi-compiler (>= 1.0, < 2.0)
    http_parser.rb (0.7.0)
    httpclient (2.8.3)
    i18n (1.8.10)
      concurrent-ruby (~> 1.0)
    jmespath (1.4.0)
    json-jwt (1.13.0)
      activesupport (>= 4.2)
      aes_key_wrap
      bindata
    jsonpath (1.1.0)
      multi_json
    kubeclient (4.9.2)
      http (>= 3.0, < 5.0)
      jsonpath (~> 1.0)
      recursive-open-struct (~> 1.1, >= 1.1.1)
      rest-client (~> 2.0)
    lru_redux (1.1.0)
    ltsv (0.1.2)
    mail (2.7.1)
      mini_mime (>= 0.1.1)
    mime-types (3.3.1)
      mime-types-data (~> 3.2015)
    mime-types-data (3.2021.0901)
    mini_mime (1.1.1)
    minitest (5.14.4)
    msgpack (1.4.2)
    multi_json (1.15.0)
    multipart-post (2.1.1)
    net-http-persistent (3.1.0)
      connection_pool (~> 2.2)
    netrc (0.11.0)
    oj (3.13.7)
    openid_connect (1.1.8)
      activemodel
      attr_required (>= 1.0.0)
      json-jwt (>= 1.5.0)
      rack-oauth2 (>= 1.6.1)
      swd (>= 1.0.0)
      tzinfo
      validate_email
      validate_url
      webfinger (>= 1.0.1)
    prometheus-client (2.1.0)
    public_suffix (4.0.6)
    rack (2.2.3)
    rack-oauth2 (1.18.0)
      activesupport
      attr_required
      httpclient
      json-jwt (>= 1.11.0)
      rack (>= 2.1.0)
    rake (13.0.6)
    recursive-open-struct (1.1.3)
    rest-client (2.1.0)
      http-accept (>= 1.7.0, < 2.0)
      http-cookie (>= 1.0.2, < 2.0)
      mime-types (>= 1.16, < 4.0)
      netrc (~> 0.8)
    ruby-kafka (1.4.0)
      digest-crc
    ruby2_keywords (0.0.5)
    serverengine (2.2.4)
      sigdump (~> 0.2.2)
    sigdump (0.2.4)
    strptime (0.2.5)
    swd (1.2.0)
      activesupport (>= 3)
      attr_required (>= 0.0.5)
      httpclient (>= 2.4)
    syslog_protocol (0.9.2)
    systemd-journal (1.4.2)
      ffi (~> 1.9)
    typhoeus (1.4.0)
      ethon (>= 0.9.0)
    tzinfo (2.0.4)
      concurrent-ruby (~> 1.0)
    tzinfo-data (1.2021.1)
      tzinfo (>= 1.0.0)
    unf (0.1.4)
      unf_ext
    unf_ext (0.0.8)
    uuidtools (2.2.0)
    validate_email (0.1.6)
      activemodel (>= 3.0)
      mail (>= 2.2.5)
    validate_url (1.0.13)
      activemodel (>= 3.0.0)
      public_suffix
    webfinger (1.1.0)
      activesupport
      httpclient (>= 2.4)
    webrick (1.7.0)
    yajl-ruby (1.4.1)
    zeitwerk (2.4.2)

PLATFORMS
  ruby

DEPENDENCIES
  bigdecimal
  elasticsearch
  elasticsearch-api
  elasticsearch-transport
  ffi (= 1.11.3)
  fluent-plugin-cloudwatch-logs
  fluent-plugin-concat
  fluent-plugin-elasticsearch
  fluent-plugin-grafana-loki
  fluent-plugin-kafka
  fluent-plugin-kubernetes_metadata_filter
  fluent-plugin-label-router
  fluent-plugin-multi-format-parser
  fluent-plugin-prometheus
  fluent-plugin-record-modifier
  fluent-plugin-remote-syslog
  fluent-plugin-rewrite-tag-filter
  fluent-plugin-splunk-hec
  fluent-plugin-systemd
  fluentd (= 1.14.0)!
  oj
  rake
  typhoeus
  uuidtools

BUNDLED WITH
   1.17.3
