GEM
  remote: https://rubygems.org/
  specs:
    addressable (2.8.0)
      public_suffix (>= 2.0.2, < 5.0)
    aws-eventstream (1.1.0)
    aws-partitions (1.396.0)
    aws-sdk-cloudwatchlogs (1.38.0)
      aws-sdk-core (~> 3, >= 3.109.0)
      aws-sigv4 (~> 1.1)
    aws-sdk-core (3.109.3)
      aws-eventstream (~> 1, >= 1.0.2)
      aws-partitions (~> 1, >= 1.239.0)
      aws-sigv4 (~> 1.1)
      jmespath (~> 1.0)
    aws-sigv4 (1.2.2)
      aws-eventstream (~> 1, >= 1.0.2)
    bigdecimal (3.0.0)
    concurrent-ruby (1.1.6)
    connection_pool (2.2.3)
    cool.io (1.6.0)
    dig_rb (1.0.1)
    digest-crc (0.6.1)
      rake (~> 13.0)
    domain_name (0.5.20190701)
      unf (>= 0.0.5, < 1.0.0)
    elasticsearch (7.8.0)
      elasticsearch-api (= 7.8.0)
      elasticsearch-transport (= 7.8.0)
    elasticsearch-api (7.8.0)
      multi_json
    elasticsearch-transport (7.8.0)
      faraday (~> 1)
      multi_json
    ethon (0.12.0)
      ffi (>= 1.3.0)
    excon (0.83.0)
    faraday (1.0.1)
      multipart-post (>= 1.2, < 3)
    ffi (1.11.3)
    ffi-compiler (1.0.1)
      ffi (>= 1.0.0)
      rake
    fluent-config-regexp-type (1.0.0)
      fluentd (> 1.0.0, < 2)
    fluent-mixin-config-placeholders (0.4.0)
      fluentd
      uuidtools (>= 2.1.5)
    fluent-plugin-cloudwatch-logs (0.7.6)
      aws-sdk-cloudwatchlogs (~> 1.0)
      fluentd (>= 0.14.15)
    fluent-plugin-concat (2.4.0)
      fluentd (>= 0.14.0, < 2)
    fluent-plugin-detect-exceptions (0.0.14)
      fluentd (>= 0.10)
    fluent-plugin-elasticsearch (5.0.5)
      elasticsearch
      excon
      fluentd (>= 0.14.22)
    fluent-plugin-grafana-loki (1.2.7)
      fluentd (>= 0.14.10, < 2)
    fluent-plugin-kafka (0.13.1)
      fluentd (>= 0.14.10, < 2)
      ltsv
      ruby-kafka (>= 0.7.8, < 2)
    fluent-plugin-kubernetes_metadata_filter (2.7.1)
      fluentd (>= 0.14.0, < 1.14)
      kubeclient (< 5)
      lru_redux
    fluent-plugin-label-router (0.2.4)
      fluentd (>= 0.14.10, < 2)
    fluent-plugin-multi-format-parser (1.0.0)
      fluentd (>= 0.14.0, < 2)
    fluent-plugin-prometheus (1.7.3)
      fluentd (>= 0.14.20, < 2)
      prometheus-client (< 0.10)
    fluent-plugin-record-modifier (2.1.0)
      fluentd (>= 1.0, < 2)
    fluent-plugin-remote-syslog (1.1)
      fluent-mixin-config-placeholders
      fluentd
      syslog_protocol
    fluent-plugin-rewrite-tag-filter (2.3.0)
      fluent-config-regexp-type
      fluentd (>= 0.14.2, < 2)
    fluent-plugin-splunk-hec (1.1.2)
      fluentd (~> 1.4)
      multi_json (~> 1.13)
      net-http-persistent (~> 3.0)
    fluent-plugin-systemd (1.0.2)
      fluentd (>= 0.14.11, < 2)
      systemd-journal (~> 1.3.2)
    fluentd (1.7.4)
      cool.io (>= 1.4.5, < 2.0.0)
      dig_rb (~> 1.0.0)
      http_parser.rb (>= 0.5.1, < 0.7.0)
      msgpack (>= 1.2.0, < 2.0.0)
      serverengine (>= 2.0.4, < 3.0.0)
      sigdump (~> 0.2.2)
      strptime (>= 0.2.2, < 1.0.0)
      tzinfo (~> 2.0)
      tzinfo-data (~> 1.0)
      yajl-ruby (~> 1.0)
    http (4.4.1)
      addressable (~> 2.3)
      http-cookie (~> 1.0)
      http-form_data (~> 2.2)
      http-parser (~> 1.2.0)
    http-accept (1.7.0)
    http-cookie (1.0.4)
      domain_name (~> 0.5)
    http-form_data (2.3.0)
    http-parser (1.2.3)
      ffi-compiler (>= 1.0, < 2.0)
    http_parser.rb (0.6.0)
    jmespath (1.4.0)
    jsonpath (1.1.0)
      multi_json
    kubeclient (4.9.2)
      http (>= 3.0, < 5.0)
      jsonpath (~> 1.0)
      recursive-open-struct (~> 1.1, >= 1.1.1)
      rest-client (~> 2.0)
    lru_redux (1.1.0)
    ltsv (0.1.2)
    mime-types (3.3.1)
      mime-types-data (~> 3.2015)
    mime-types-data (3.2021.0901)
    msgpack (1.3.3)
    multi_json (1.15.0)
    multipart-post (2.1.1)
    net-http-persistent (3.1.0)
      connection_pool (~> 2.2)
    netrc (0.11.0)
    oj (3.11.3)
    prometheus-client (0.9.0)
      quantile (~> 0.2.1)
    public_suffix (4.0.6)
    quantile (0.2.1)
    rake (13.0.1)
    recursive-open-struct (1.1.3)
    rest-client (2.1.0)
      http-accept (>= 1.7.0, < 2.0)
      http-cookie (>= 1.0.2, < 2.0)
      mime-types (>= 1.16, < 4.0)
      netrc (~> 0.8)
    ruby-kafka (1.1.0)
      digest-crc
    serverengine (2.2.1)
      sigdump (~> 0.2.2)
    sigdump (0.2.4)
    strptime (0.2.4)
    syslog_protocol (0.9.2)
    systemd-journal (1.3.3)
      ffi (~> 1.9)
    typhoeus (1.4.0)
      ethon (>= 0.9.0)
    tzinfo (2.0.2)
      concurrent-ruby (~> 1.0)
    tzinfo-data (1.2020.1)
      tzinfo (>= 1.0.0)
    unf (0.1.4)
      unf_ext
    unf_ext (0.0.8)
    uuidtools (2.1.5)
    yajl-ruby (1.4.1)

PLATFORMS
  ruby

DEPENDENCIES
  bigdecimal
  elasticsearch
  elasticsearch-api
  elasticsearch-transport
  ffi (= 1.11.3)
  fluent-plugin-cloudwatch-logs
  fluent-plugin-concat
  fluent-plugin-detect-exceptions (= 0.0.14)
  fluent-plugin-elasticsearch
  fluent-plugin-grafana-loki
  fluent-plugin-kafka
  fluent-plugin-kubernetes_metadata_filter (= 2.7.1)
  fluent-plugin-label-router
  fluent-plugin-multi-format-parser
  fluent-plugin-prometheus
  fluent-plugin-record-modifier
  fluent-plugin-remote-syslog
  fluent-plugin-rewrite-tag-filter
  fluent-plugin-splunk-hec
  fluent-plugin-systemd
  fluentd (= 1.7.4)!
  oj
  rake
  typhoeus
  uuidtools (= 2.1.5)

BUNDLED WITH
   1.17.3
