GEM
  remote: https://rubygems.org/
  specs:
    activemodel (3.2.22.5)
      activesupport (= 3.2.22.5)
      builder (~> 3.0.0)
    activesupport (3.2.22.5)
      i18n (~> 0.6, >= 0.6.4)
      multi_json (~> 1.0)
    addressable (2.7.0)
      public_suffix (>= 2.0.2, < 5.0)
    aes_key_wrap (1.1.0)
    attr_required (1.0.1)
    bindata (2.4.8)
    builder (3.0.4)
    concurrent-ruby (1.1.7)
    connection_pool (2.2.3)
    cool.io (1.7.0)
    dig_rb (1.0.1)
    digest-crc (0.6.1)
      rake (~> 13.0)
    domain_name (0.5.20190701)
      unf (>= 0.0.5, < 1.0.0)
    elasticsearch (7.9.0)
      elasticsearch-api (= 7.9.0)
      elasticsearch-transport (= 7.9.0)
    elasticsearch-api (7.9.0)
      multi_json
    elasticsearch-transport (7.9.0)
      faraday (~> 1)
      multi_json
    ethon (0.12.0)
      ffi (>= 1.3.0)
    excon (0.78.0)
    faraday (1.1.0)
      multipart-post (>= 1.2, < 3)
      ruby2_keywords
    ffi (1.11.3)
    ffi-compiler (1.0.1)
      ffi (>= 1.0.0)
      rake
    fluent-config-regexp-type (1.0.0)
      fluentd (> 1.0.0, < 2)
    fluent-mixin-config-placeholders (0.4.0)
      fluentd
      uuidtools (>= 2.1.5)
    fluent-plugin-concat (2.4.0)
      fluentd (>= 0.14.0, < 2)
    fluent-plugin-elasticsearch (4.2.2)
      elasticsearch
      excon
      fluentd (>= 0.14.22)
    fluent-plugin-kafka (0.15.2)
      fluentd (>= 0.10.58, < 2)
      ltsv
      ruby-kafka (>= 1.2.0, < 2)
    fluent-plugin-kubernetes_metadata_filter (2.5.2)
      fluentd (>= 0.14.0, < 1.12)
      kubeclient (< 5)
      lru_redux
    fluent-plugin-multi-format-parser (1.0.0)
      fluentd (>= 0.14.0, < 2)
    fluent-plugin-prometheus (1.7.3)
      fluentd (>= 0.14.20, < 2)
      prometheus-client (< 0.10)
    fluent-plugin-record-modifier (2.1.0)
      fluentd (>= 1.0, < 2)
    fluent-plugin-remote-syslog (1.1)
      fluent-mixin-config-placeholders
      fluentd
      syslog_protocol
    fluent-plugin-rewrite-tag-filter (2.3.0)
      fluent-config-regexp-type
      fluentd (>= 0.14.2, < 2)
    fluent-plugin-splunk-hec (1.2.4)
      fluentd (>= 1.4)
      multi_json (~> 1.13)
      net-http-persistent (~> 3.1)
      openid_connect (~> 1.1.8)
      prometheus-client (< 0.10.0)
    fluent-plugin-systemd (1.0.2)
      fluentd (>= 0.14.11, < 2)
      systemd-journal (~> 1.3.2)
    fluentd (1.7.4)
      cool.io (>= 1.4.5, < 2.0.0)
      dig_rb (~> 1.0.0)
      http_parser.rb (>= 0.5.1, < 0.7.0)
      msgpack (>= 1.2.0, < 2.0.0)
      serverengine (>= 2.0.4, < 3.0.0)
      sigdump (~> 0.2.2)
      strptime (>= 0.2.2, < 1.0.0)
      tzinfo (~> 2.0)
      tzinfo-data (~> 1.0)
      yajl-ruby (~> 1.0)
    http (4.4.1)
      addressable (~> 2.3)
      http-cookie (~> 1.0)
      http-form_data (~> 2.2)
      http-parser (~> 1.2.0)
    http-accept (1.7.0)
    http-cookie (1.0.3)
      domain_name (~> 0.5)
    http-form_data (2.3.0)
    http-parser (1.2.1)
      ffi-compiler (>= 1.0, < 2.0)
    http_parser.rb (0.6.0)
    httpclient (2.8.3)
    i18n (0.9.5)
      concurrent-ruby (~> 1.0)
    json-jwt (1.9.4)
      activesupport
      aes_key_wrap
      bindata
    jsonpath (1.0.5)
      multi_json
      to_regexp (~> 0.2.1)
    kubeclient (4.9.1)
      http (>= 3.0, < 5.0)
      jsonpath (~> 1.0)
      recursive-open-struct (~> 1.1, >= 1.1.1)
      rest-client (~> 2.0)
    lru_redux (1.1.0)
    ltsv (0.1.2)
    mail (2.7.1)
      mini_mime (>= 0.1.1)
    mime-types (3.3.1)
      mime-types-data (~> 3.2015)
    mime-types-data (3.2020.0512)
    mini_mime (1.0.2)
    msgpack (1.3.3)
    multi_json (1.15.0)
    multipart-post (2.1.1)
    net-http-persistent (3.1.0)
      connection_pool (~> 2.2)
    netrc (0.11.0)
    openid_connect (1.1.8)
      activemodel
      attr_required (>= 1.0.0)
      json-jwt (>= 1.5.0)
      rack-oauth2 (>= 1.6.1)
      swd (>= 1.0.0)
      tzinfo
      validate_email
      validate_url
      webfinger (>= 1.0.1)
    prometheus-client (0.9.0)
      quantile (~> 0.2.1)
    public_suffix (4.0.6)
    quantile (0.2.1)
    rack (2.2.3)
    rack-oauth2 (1.10.0)
      activesupport
      attr_required
      httpclient
      json-jwt (>= 1.9.0)
      rack
    rake (13.0.1)
    recursive-open-struct (1.1.3)
    rest-client (2.1.0)
      http-accept (>= 1.7.0, < 2.0)
      http-cookie (>= 1.0.2, < 2.0)
      mime-types (>= 1.16, < 4.0)
      netrc (~> 0.8)
    ruby-kafka (1.3.0)
      digest-crc
    ruby2_keywords (0.0.2)
    serverengine (2.2.1)
      sigdump (~> 0.2.2)
    sigdump (0.2.4)
    strptime (0.2.5)
    swd (1.2.0)
      activesupport (>= 3)
      attr_required (>= 0.0.5)
      httpclient (>= 2.4)
    syslog_protocol (0.9.2)
    systemd-journal (1.3.3)
      ffi (~> 1.9)
    to_regexp (0.2.1)
    typhoeus (1.4.0)
      ethon (>= 0.9.0)
    tzinfo (2.0.2)
      concurrent-ruby (~> 1.0)
    tzinfo-data (1.2020.3)
      tzinfo (>= 1.0.0)
    unf (0.1.4)
      unf_ext
    unf_ext (0.0.7.7)
    uuidtools (2.1.5)
    validate_email (0.1.6)
      activemodel (>= 3.0)
      mail (>= 2.2.5)
    validate_url (1.0.13)
      activemodel (>= 3.0.0)
      public_suffix
    webfinger (1.1.0)
      activesupport
      httpclient (>= 2.4)
    yajl-ruby (1.4.1)

PLATFORMS
  ruby

DEPENDENCIES
  elasticsearch
  elasticsearch-api
  elasticsearch-transport
  ffi (= 1.11.3)
  fluent-plugin-concat
  fluent-plugin-elasticsearch
  fluent-plugin-kafka
  fluent-plugin-kubernetes_metadata_filter
  fluent-plugin-multi-format-parser
  fluent-plugin-prometheus
  fluent-plugin-record-modifier
  fluent-plugin-remote-syslog
  fluent-plugin-rewrite-tag-filter
  fluent-plugin-splunk-hec
  fluent-plugin-systemd
  fluentd (= 1.7.4)!
  typhoeus
  uuidtools (= 2.1.5)

BUNDLED WITH
   1.17.3
