PATH
  remote: .
  specs:
    syslog_protocol (0.9.2)

GEM
  remote: http://rubygems.org/
  specs:
    bacon (1.1.0)
    rake (12.3.3)

PLATFORMS
  ruby

DEPENDENCIES
  bacon (~> 1.1.0)
  rake (~> 12.0)
  syslog_protocol!

BUNDLED WITH
   2.1.4
