PATH
  remote: ../syslog_protocol
  specs:
    syslog_protocol (0.9.2)

PATH
  remote: .
  specs:
    remote_syslog_sender (1.2.1)
      syslog_protocol

GEM
  remote: https://rubygems.org/
  specs:
    power_assert (1.2.0)
    rake (13.0.1)
    test-unit (3.3.5)
      power_assert

PLATFORMS
  ruby

DEPENDENCIES
  bundler (~> 1.6)
  rake
  remote_syslog_sender!
  syslog_protocol!
  test-unit

BUNDLED WITH
   2.1.4
